GEM
  remote: https://rubygems.org/
  specs:
    docile (1.3.1)
    httparty (0.16.3)
      mime-types (~> 3.0)
      multi_xml (>= 0.5.2)
    json (2.1.0)
    metaclass (0.0.4)
    mime-types (3.2.2)
      mime-types-data (~> 3.2015)
    mime-types-data (3.2018.0812)
    mocha (1.7.0)
      metaclass (~> 0.0.1)
    multi_xml (0.6.0)
    simplecov (0.16.1)
      docile (~> 1.1)
      json (>= 1.8, < 3)
      simplecov-html (~> 0.10.0)
    simplecov-html (0.10.2)

PLATFORMS
  ruby

DEPENDENCIES
  httparty
  mocha
  simplecov

BUNDLED WITH
   1.17.1
